GEM
  remote: http://rubygems.org/
  specs:
    addressable (2.2.7)
    ffi (1.0.11)
    guard (0.10.0)
      ffi (>= 0.5.0)
      thor (~> 0.14.6)
    guard-haml (0.3.2)
      guard (>= 0.4)
      haml (>= 3.0)
    guard-sass (0.5.4)
      guard (>= 0.4.0)
      sass (>= 3.1)
    guard-sprockets (0.2.0)
      guard (>= 0.2.2)
      sprockets (~> 2)
    guard-webrick (0.1.0)
      ffi (~> 1.0.7)
      guard (~> 0.3)
      spoon (~> 0.0.1)
    haml (3.1.4)
    hike (1.2.1)
    launchy (2.0.5)
      addressable (~> 2.2.6)
    libnotify (0.7.2)
    multi_json (1.1.0)
    rack (1.4.1)
    rb-inotify (0.8.8)
      ffi (>= 0.5.0)
    sass (3.1.15)
    spoon (0.0.1)
    sprockets (2.3.1)
      hike (~> 1.2)
      multi_json (~> 1.0)
      rack (~> 1.0)
      tilt (~> 1.1, != 1.3.0)
    thor (0.14.6)
    tilt (1.3.3)

PLATFORMS
  ruby

DEPENDENCIES
  guard
  guard-haml
  guard-sass
  guard-sprockets
  guard-webrick
  haml
  launchy
  libnotify
  rb-inotify
  sass
  sprockets
